GEM
  remote: https://rubygems.org/
  specs:
    activesupport (5.2.2)
      concurrent-ruby (~> 1.0, >= 1.0.2)
      i18n (>= 0.7, < 2)
      minitest (~> 5.1)
      tzinfo (~> 1.1)
    async (1.11.0)
      nio4r (~> 2.3)
      timers (~> 4.1)
    async-io (1.17.2)
      async (~> 1.3)
    async-websocket (0.6.1)
      async-io
      websocket-driver (~> 0.7.0)
    concurrent-ruby (1.1.3)
    dotenv (2.5.0)
    faraday (0.15.4)
      multipart-post (>= 1.2, < 3)
    faraday_middleware (0.12.2)
      faraday (>= 0.7.4, < 1.0)
    gli (2.18.0)
    hashie (3.6.0)
    i18n (1.1.1)
      concurrent-ruby (~> 1.0)
    minitest (5.11.3)
    multipart-post (2.0.0)
    mysql2 (0.5.2-x64-mingw32)
    nio4r (2.3.1)
    slack-ruby-client (0.13.1)
      activesupport
      faraday (>= 0.9)
      faraday_middleware
      gli
      hashie
      websocket-driver
    thread_safe (0.3.6)
    timers (4.2.0)
    tzinfo (1.2.5)
      thread_safe (~> 0.1)
    websocket-driver (0.7.0)
      websocket-extensions (>= 0.1.0)
    websocket-extensions (0.1.3)

PLATFORMS
  x64-mingw32

DEPENDENCIES
  async-websocket
  dotenv
  mysql2
  slack-ruby-client

BUNDLED WITH
   1.17.1
